GEM
  remote: http://rubygems.org/
  specs:
    dalli (1.1.4)
    haml (3.1.4)
    json (1.6.3)
    nokogiri (1.5.0)
    rack (1.3.5)
    rack-protection (1.1.4)
      rack
    sinatra (1.3.1)
      rack (~> 1.3, >= 1.3.4)
      rack-protection (~> 1.1, >= 1.1.2)
      tilt (~> 1.3, >= 1.3.3)
    tilt (1.3.3)

PLATFORMS
  ruby

DEPENDENCIES
  dalli
  haml
  json
  nokogiri
  sinatra
